STORAGE: NONE
RESTRICTION: == net7.0
NUGET
  remote: https://api.nuget.org/v3/index.json
    Be.Vlaanderen.Basisregisters.Generators.Guid.Deterministic (3.0.1)
    coverlet.collector (3.2) - copy_local: true
    Dapr.AspNetCore (1.9)
      Dapr.Client (>= 1.9)
      System.IO.Pipelines (>= 4.7.2)
    Dapr.Client (1.9)
      Google.Api.CommonProtos (>= 2.2)
      Google.Protobuf (>= 3.15)
      Grpc.Net.Client (>= 2.47)
      System.Net.Http.Json (>= 5.0)
    DnsClient (1.7)
      Microsoft.Win32.Registry (>= 5.0)
    Docker.DotNet (3.125.12)
      Newtonsoft.Json (>= 13.0.1)
      System.Buffers (>= 4.5.1)
      System.Threading.Tasks.Extensions (>= 4.5.4)
    Docker.DotNet.X509 (3.125.12)
      Docker.DotNet (>= 3.125.12)
    EventStore.Client.Grpc (22.0)
      Google.Protobuf (>= 3.15)
      Grpc.Net.Client (>= 2.40)
      Microsoft.Extensions.Logging (>= 5.0)
      System.Linq.Async (>= 5.0)
    EventStore.Client.Grpc.PersistentSubscriptions (22.0)
      EventStore.Client.Grpc (>= 22.0)
    EventStore.Client.Grpc.ProjectionManagement (22.0)
      EventStore.Client.Grpc (>= 22.0)
    EventStore.Client.Grpc.Streams (22.0)
      EventStore.Client.Grpc (>= 22.0)
    Flurl (3.0.6)
    Flurl.Http (3.2.4)
      Flurl (>= 3.0.6)
      Newtonsoft.Json (>= 12.0.2)
      System.Text.Encoding.CodePages (>= 4.5.1)
    FSharp.Control.AsyncSeq (3.2.1)
      FSharp.Core (>= 4.7.2)
      Microsoft.Bcl.AsyncInterfaces (>= 5.0)
    FSharp.Control.Websockets (0.2.3)
      FSharp.Core (>= 6.0)
      Microsoft.IO.RecyclableMemoryStream (>= 2.2.1)
    FSharp.Core (7.0)
    FSharp.SystemTextJson (1.0.7)
      FSharp.Core (>= 4.7)
      System.Text.Json (>= 6.0)
    FsUnit (5.1)
      FSharp.Core (>= 5.0.2)
      NUnit (>= 3.13.3 < 3.14)
    Giraffe (6.0)
      FSharp.Core (>= 6.0.1)
      Giraffe.ViewEngine (>= 1.3)
      Microsoft.IO.RecyclableMemoryStream (>= 2.2)
      Newtonsoft.Json (>= 13.0.1)
      System.Text.Json (>= 6.0.2)
      Utf8Json (>= 1.3.7)
    Giraffe.ViewEngine (1.4)
      FSharp.Core (>= 5.0)
    Google.Api.CommonProtos (2.7)
      Google.Protobuf (>= 3.21 < 4.0)
    Google.Protobuf (3.21.11)
    Grpc.Core.Api (2.50)
      System.Memory (>= 4.5.3)
    Grpc.Net.Client (2.50)
      Grpc.Net.Common (>= 2.50)
      Microsoft.Extensions.Logging.Abstractions (>= 3.0.3)
    Grpc.Net.Common (2.50)
      Grpc.Core.Api (>= 2.50)
    Microsoft.AspNetCore.Authentication.Google (7.0)
    Microsoft.AspNetCore.Authentication.JwtBearer (7.0)
      Microsoft.IdentityModel.Protocols.OpenIdConnect (>= 6.15.1)
    Microsoft.AspNetCore.Cryptography.Internal (7.0)
    Microsoft.AspNetCore.Cryptography.KeyDerivation (7.0)
      Microsoft.AspNetCore.Cryptography.Internal (>= 7.0)
    Microsoft.AspNetCore.Identity.EntityFrameworkCore (7.0)
      Microsoft.EntityFrameworkCore.Relational (>= 7.0)
      Microsoft.Extensions.Identity.Stores (>= 7.0)
    Microsoft.AspNetCore.Mvc.Testing (7.0)
      Microsoft.AspNetCore.TestHost (>= 7.0)
      Microsoft.Extensions.DependencyModel (>= 7.0)
      Microsoft.Extensions.Hosting (>= 7.0)
    Microsoft.AspNetCore.TestHost (7.0)
      System.IO.Pipelines (>= 7.0)
    Microsoft.Bcl.AsyncInterfaces (7.0)
    Microsoft.CodeCoverage (17.4)
    Microsoft.CSharp (4.7)
    Microsoft.EntityFrameworkCore (7.0)
      Microsoft.EntityFrameworkCore.Abstractions (>= 7.0)
      Microsoft.EntityFrameworkCore.Analyzers (>= 7.0)
      Microsoft.Extensions.Caching.Memory (>= 7.0)
      Microsoft.Extensions.DependencyInjection (>= 7.0)
      Microsoft.Extensions.Logging (>= 7.0)
    Microsoft.EntityFrameworkCore.Abstractions (7.0)
    Microsoft.EntityFrameworkCore.Analyzers (7.0)
    Microsoft.EntityFrameworkCore.Relational (7.0)
      Microsoft.EntityFrameworkCore (>= 7.0)
      Microsoft.Extensions.Configuration.Abstractions (>= 7.0)
    Microsoft.Extensions.Caching.Abstractions (7.0)
      Microsoft.Extensions.Primitives (>= 7.0)
    Microsoft.Extensions.Caching.Memory (7.0)
      Microsoft.Extensions.Caching.Abstractions (>= 7.0)
      Microsoft.Extensions.DependencyInjection.Abstractions (>= 7.0)
      Microsoft.Extensions.Logging.Abstractions (>= 7.0)
      Microsoft.Extensions.Options (>= 7.0)
      Microsoft.Extensions.Primitives (>= 7.0)
    Microsoft.Extensions.Configuration (7.0)
      Microsoft.Extensions.Configuration.Abstractions (>= 7.0)
      Microsoft.Extensions.Primitives (>= 7.0)
    Microsoft.Extensions.Configuration.Abstractions (7.0)
      Microsoft.Extensions.Primitives (>= 7.0)
    Microsoft.Extensions.Configuration.Binder (7.0)
      Microsoft.Extensions.Configuration.Abstractions (>= 7.0)
    Microsoft.Extensions.Configuration.CommandLine (7.0)
      Microsoft.Extensions.Configuration (>= 7.0)
      Microsoft.Extensions.Configuration.Abstractions (>= 7.0)
    Microsoft.Extensions.Configuration.EnvironmentVariables (7.0)
      Microsoft.Extensions.Configuration (>= 7.0)
      Microsoft.Extensions.Configuration.Abstractions (>= 7.0)
    Microsoft.Extensions.Configuration.FileExtensions (7.0)
      Microsoft.Extensions.Configuration (>= 7.0)
      Microsoft.Extensions.Configuration.Abstractions (>= 7.0)
      Microsoft.Extensions.FileProviders.Abstractions (>= 7.0)
      Microsoft.Extensions.FileProviders.Physical (>= 7.0)
      Microsoft.Extensions.Primitives (>= 7.0)
    Microsoft.Extensions.Configuration.Json (7.0)
      Microsoft.Extensions.Configuration (>= 7.0)
      Microsoft.Extensions.Configuration.Abstractions (>= 7.0)
      Microsoft.Extensions.Configuration.FileExtensions (>= 7.0)
      Microsoft.Extensions.FileProviders.Abstractions (>= 7.0)
      System.Text.Json (>= 7.0)
    Microsoft.Extensions.Configuration.UserSecrets (7.0)
      Microsoft.Extensions.Configuration.Abstractions (>= 7.0)
      Microsoft.Extensions.Configuration.Json (>= 7.0)
      Microsoft.Extensions.FileProviders.Abstractions (>= 7.0)
      Microsoft.Extensions.FileProviders.Physical (>= 7.0)
    Microsoft.Extensions.DependencyInjection (7.0)
      Microsoft.Extensions.DependencyInjection.Abstractions (>= 7.0)
    Microsoft.Extensions.DependencyInjection.Abstractions (7.0)
    Microsoft.Extensions.DependencyModel (7.0)
      System.Text.Encodings.Web (>= 7.0)
      System.Text.Json (>= 7.0)
    Microsoft.Extensions.FileProviders.Abstractions (7.0)
      Microsoft.Extensions.Primitives (>= 7.0)
    Microsoft.Extensions.FileProviders.Physical (7.0)
      Microsoft.Extensions.FileProviders.Abstractions (>= 7.0)
      Microsoft.Extensions.FileSystemGlobbing (>= 7.0)
      Microsoft.Extensions.Primitives (>= 7.0)
    Microsoft.Extensions.FileSystemGlobbing (7.0)
    Microsoft.Extensions.Hosting (7.0)
      Microsoft.Extensions.Configuration (>= 7.0)
      Microsoft.Extensions.Configuration.Abstractions (>= 7.0)
      Microsoft.Extensions.Configuration.Binder (>= 7.0)
      Microsoft.Extensions.Configuration.CommandLine (>= 7.0)
      Microsoft.Extensions.Configuration.EnvironmentVariables (>= 7.0)
      Microsoft.Extensions.Configuration.FileExtensions (>= 7.0)
      Microsoft.Extensions.Configuration.Json (>= 7.0)
      Microsoft.Extensions.Configuration.UserSecrets (>= 7.0)
      Microsoft.Extensions.DependencyInjection (>= 7.0)
      Microsoft.Extensions.DependencyInjection.Abstractions (>= 7.0)
      Microsoft.Extensions.FileProviders.Abstractions (>= 7.0)
      Microsoft.Extensions.FileProviders.Physical (>= 7.0)
      Microsoft.Extensions.Hosting.Abstractions (>= 7.0)
      Microsoft.Extensions.Logging (>= 7.0)
      Microsoft.Extensions.Logging.Abstractions (>= 7.0)
      Microsoft.Extensions.Logging.Configuration (>= 7.0)
      Microsoft.Extensions.Logging.Console (>= 7.0)
      Microsoft.Extensions.Logging.Debug (>= 7.0)
      Microsoft.Extensions.Logging.EventLog (>= 7.0)
      Microsoft.Extensions.Logging.EventSource (>= 7.0)
      Microsoft.Extensions.Options (>= 7.0)
    Microsoft.Extensions.Hosting.Abstractions (7.0)
      Microsoft.Extensions.Configuration.Abstractions (>= 7.0)
      Microsoft.Extensions.DependencyInjection.Abstractions (>= 7.0)
      Microsoft.Extensions.FileProviders.Abstractions (>= 7.0)
    Microsoft.Extensions.Http (7.0)
      Microsoft.Extensions.DependencyInjection.Abstractions (>= 7.0)
      Microsoft.Extensions.Logging (>= 7.0)
      Microsoft.Extensions.Logging.Abstractions (>= 7.0)
      Microsoft.Extensions.Options (>= 7.0)
    Microsoft.Extensions.Http.Polly (7.0)
      Microsoft.Extensions.Http (>= 7.0)
      Polly (>= 7.2.3)
      Polly.Extensions.Http (>= 3.0)
    Microsoft.Extensions.Identity.Core (7.0)
      Microsoft.AspNetCore.Cryptography.KeyDerivation (>= 7.0)
      Microsoft.Extensions.Logging (>= 7.0)
      Microsoft.Extensions.Options (>= 7.0)
    Microsoft.Extensions.Identity.Stores (7.0)
      Microsoft.Extensions.Caching.Abstractions (>= 7.0)
      Microsoft.Extensions.Identity.Core (>= 7.0)
      Microsoft.Extensions.Logging (>= 7.0)
    Microsoft.Extensions.Logging (7.0)
      Microsoft.Extensions.DependencyInjection (>= 7.0)
      Microsoft.Extensions.DependencyInjection.Abstractions (>= 7.0)
      Microsoft.Extensions.Logging.Abstractions (>= 7.0)
      Microsoft.Extensions.Options (>= 7.0)
    Microsoft.Extensions.Logging.Abstractions (7.0)
    Microsoft.Extensions.Logging.Configuration (7.0)
      Microsoft.Extensions.Configuration (>= 7.0)
      Microsoft.Extensions.Configuration.Abstractions (>= 7.0)
      Microsoft.Extensions.Configuration.Binder (>= 7.0)
      Microsoft.Extensions.DependencyInjection.Abstractions (>= 7.0)
      Microsoft.Extensions.Logging (>= 7.0)
      Microsoft.Extensions.Logging.Abstractions (>= 7.0)
      Microsoft.Extensions.Options (>= 7.0)
      Microsoft.Extensions.Options.ConfigurationExtensions (>= 7.0)
    Microsoft.Extensions.Logging.Console (7.0)
      Microsoft.Extensions.DependencyInjection.Abstractions (>= 7.0)
      Microsoft.Extensions.Logging (>= 7.0)
      Microsoft.Extensions.Logging.Abstractions (>= 7.0)
      Microsoft.Extensions.Logging.Configuration (>= 7.0)
      Microsoft.Extensions.Options (>= 7.0)
      System.Text.Json (>= 7.0)
    Microsoft.Extensions.Logging.Debug (7.0)
      Microsoft.Extensions.DependencyInjection.Abstractions (>= 7.0)
      Microsoft.Extensions.Logging (>= 7.0)
      Microsoft.Extensions.Logging.Abstractions (>= 7.0)
    Microsoft.Extensions.Logging.EventLog (7.0)
      Microsoft.Extensions.DependencyInjection.Abstractions (>= 7.0)
      Microsoft.Extensions.Logging (>= 7.0)
      Microsoft.Extensions.Logging.Abstractions (>= 7.0)
      Microsoft.Extensions.Options (>= 7.0)
      System.Diagnostics.EventLog (>= 7.0)
    Microsoft.Extensions.Logging.EventSource (7.0)
      Microsoft.Extensions.DependencyInjection.Abstractions (>= 7.0)
      Microsoft.Extensions.Logging (>= 7.0)
      Microsoft.Extensions.Logging.Abstractions (>= 7.0)
      Microsoft.Extensions.Options (>= 7.0)
      Microsoft.Extensions.Primitives (>= 7.0)
      System.Text.Json (>= 7.0)
    Microsoft.Extensions.Options (7.0)
      Microsoft.Extensions.DependencyInjection.Abstractions (>= 7.0)
      Microsoft.Extensions.Primitives (>= 7.0)
    Microsoft.Extensions.Options.ConfigurationExtensions (7.0)
      Microsoft.Extensions.Configuration.Abstractions (>= 7.0)
      Microsoft.Extensions.Configuration.Binder (>= 7.0)
      Microsoft.Extensions.DependencyInjection.Abstractions (>= 7.0)
      Microsoft.Extensions.Options (>= 7.0)
      Microsoft.Extensions.Primitives (>= 7.0)
    Microsoft.Extensions.Primitives (7.0)
    Microsoft.IdentityModel.Abstractions (6.25.1)
    Microsoft.IdentityModel.JsonWebTokens (6.25.1)
      Microsoft.IdentityModel.Tokens (>= 6.25.1)
      System.Text.Encoding (>= 4.3)
      System.Text.Json (>= 4.7.2)
    Microsoft.IdentityModel.Logging (6.25.1)
      Microsoft.IdentityModel.Abstractions (>= 6.25.1)
    Microsoft.IdentityModel.Protocols (6.25.1)
      Microsoft.IdentityModel.Logging (>= 6.25.1)
      Microsoft.IdentityModel.Tokens (>= 6.25.1)
    Microsoft.IdentityModel.Protocols.OpenIdConnect (6.25.1)
      Microsoft.IdentityModel.Protocols (>= 6.25.1)
      System.IdentityModel.Tokens.Jwt (>= 6.25.1)
    Microsoft.IdentityModel.Tokens (6.25.1)
      Microsoft.CSharp (>= 4.5)
      Microsoft.IdentityModel.Logging (>= 6.25.1)
      System.Security.Cryptography.Cng (>= 4.5)
    Microsoft.IO.RecyclableMemoryStream (2.2.1)
    Microsoft.NET.Test.Sdk (17.4)
      Microsoft.CodeCoverage (>= 17.4)
      Microsoft.TestPlatform.TestHost (>= 17.4)
    Microsoft.NETCore.Platforms (7.0)
    Microsoft.NETCore.Targets (5.0)
    Microsoft.TestPlatform.ObjectModel (17.4)
      NuGet.Frameworks (>= 5.11)
      System.Reflection.Metadata (>= 1.6)
    Microsoft.TestPlatform.TestHost (17.4)
      Microsoft.TestPlatform.ObjectModel (>= 17.4)
      Newtonsoft.Json (>= 13.0.1)
    Microsoft.Win32.Registry (5.0)
      System.Security.AccessControl (>= 5.0)
      System.Security.Principal.Windows (>= 5.0)
    Microsoft.Win32.SystemEvents (7.0)
    MongoDB.Bson (2.18)
      System.Runtime.CompilerServices.Unsafe (>= 5.0)
    MongoDB.Driver (2.18)
      Microsoft.Extensions.Logging.Abstractions (>= 2.0)
      MongoDB.Bson (>= 2.18)
      MongoDB.Driver.Core (>= 2.18)
      MongoDB.Libmongocrypt (>= 1.6)
    MongoDB.Driver.Core (2.18)
      DnsClient (>= 1.6.1)
      Microsoft.Extensions.Logging.Abstractions (>= 2.0)
      MongoDB.Bson (>= 2.18)
      MongoDB.Libmongocrypt (>= 1.6)
      SharpCompress (>= 0.30.1)
      Snappier (>= 1.0)
      System.Buffers (>= 4.5.1)
      ZstdSharp.Port (>= 0.6.2)
    MongoDB.Libmongocrypt (1.6)
    NETStandard.Library (2.0.3)
      Microsoft.NETCore.Platforms (>= 1.1)
    Newtonsoft.Json (13.0.2)
    Npgsql (7.0)
      Microsoft.Extensions.Logging.Abstractions (>= 6.0)
      System.Runtime.CompilerServices.Unsafe (>= 6.0)
    Npgsql.EntityFrameworkCore.PostgreSQL (7.0)
      Microsoft.EntityFrameworkCore (>= 7.0 < 8.0)
      Microsoft.EntityFrameworkCore.Abstractions (>= 7.0 < 8.0)
      Microsoft.EntityFrameworkCore.Relational (>= 7.0 < 8.0)
      Npgsql (>= 7.0)
    NuGet.Frameworks (6.4)
    NUnit (3.13.3)
      NETStandard.Library (>= 2.0)
    NUnit.Analyzers (3.5) - copy_local: true
    NUnit3TestAdapter (4.3.1)
    OpenIddict (3.1.1)
      OpenIddict.Abstractions (>= 3.1.1)
      OpenIddict.Core (>= 3.1.1)
      OpenIddict.Server (>= 3.1.1)
      OpenIddict.Validation (>= 3.1.1)
      OpenIddict.Validation.ServerIntegration (>= 3.1.1)
      OpenIddict.Validation.SystemNetHttp (>= 3.1.1)
    OpenIddict.Abstractions (3.1.1)
      Microsoft.Extensions.DependencyInjection.Abstractions (>= 3.1.16)
      Microsoft.Extensions.Primitives (>= 3.1.16)
      System.Collections.Immutable (>= 1.7.1)
      System.ComponentModel.Annotations (>= 4.7)
      System.Text.Encodings.Web (>= 4.7.2)
      System.Text.Json (>= 4.7.2)
    OpenIddict.AspNetCore (3.1.1)
      OpenIddict (>= 3.1.1)
      OpenIddict.Server.AspNetCore (>= 3.1.1)
      OpenIddict.Server.DataProtection (>= 3.1.1)
      OpenIddict.Validation.AspNetCore (>= 3.1.1)
      OpenIddict.Validation.DataProtection (>= 3.1.1)
    OpenIddict.Core (3.1.1)
      Microsoft.Extensions.Caching.Memory (>= 5.0)
      Microsoft.Extensions.Logging (>= 5.0)
      Microsoft.Extensions.Options (>= 5.0)
      OpenIddict.Abstractions (>= 3.1.1)
    OpenIddict.EntityFrameworkCore (3.1.1)
      Microsoft.EntityFrameworkCore.Relational (>= 5.0.7)
      OpenIddict.Core (>= 3.1.1)
      OpenIddict.EntityFrameworkCore.Models (>= 3.1.1)
    OpenIddict.EntityFrameworkCore.Models (3.1.1)
    OpenIddict.Quartz (3.1.1)
      OpenIddict.Core (>= 3.1.1)
      Quartz.Extensions.DependencyInjection (>= 3.2.4)
    OpenIddict.Server (3.1.1)
      Microsoft.Extensions.Logging (>= 5.0)
      Microsoft.IdentityModel.JsonWebTokens (>= 6.11.1)
      OpenIddict.Abstractions (>= 3.1.1)
    OpenIddict.Server.AspNetCore (3.1.1)
      OpenIddict.Server (>= 3.1.1)
    OpenIddict.Server.DataProtection (3.1.1)
      OpenIddict.Server (>= 3.1.1)
    OpenIddict.Validation (3.1.1)
      Microsoft.Extensions.Logging (>= 5.0)
      Microsoft.IdentityModel.Protocols.OpenIdConnect (>= 6.11.1)
      OpenIddict.Abstractions (>= 3.1.1)
    OpenIddict.Validation.AspNetCore (3.1.1)
      OpenIddict.Validation (>= 3.1.1)
    OpenIddict.Validation.DataProtection (3.1.1)
      OpenIddict.Validation (>= 3.1.1)
    OpenIddict.Validation.ServerIntegration (3.1.1)
      OpenIddict.Server (>= 3.1.1)
      OpenIddict.Validation (>= 3.1.1)
    OpenIddict.Validation.SystemNetHttp (3.1.1)
      Microsoft.Extensions.Http.Polly (>= 3.1.16)
      OpenIddict.Validation (>= 3.1.1)
      System.Net.Http.Json (>= 3.2.1)
    Polly (7.2.3)
    Polly.Extensions.Http (3.0)
      Polly (>= 7.1)
    Portable.BouncyCastle (1.9)
    Quartz (3.5)
      Microsoft.Extensions.Logging.Abstractions (>= 2.1.1)
      System.Configuration.ConfigurationManager (>= 4.7)
      System.Diagnostics.DiagnosticSource (>= 4.7.1)
    Quartz.Extensions.DependencyInjection (3.5)
      Microsoft.Extensions.Configuration.Abstractions (>= 2.1.1)
      Microsoft.Extensions.DependencyInjection.Abstractions (>= 2.1.1)
      Microsoft.Extensions.Options (>= 2.1.1)
      Quartz (>= 3.5)
    Quartz.Extensions.Hosting (3.5)
      Microsoft.Extensions.Hosting.Abstractions (>= 2.1.1)
      Quartz.Extensions.DependencyInjection (>= 3.5)
    Saturn (0.16.1)
      FSharp.Control.Websockets (>= 0.2.2)
      Giraffe (>= 6.0)
      Microsoft.AspNetCore.Authentication.JwtBearer (>= 6.0.3)
    SharpCompress (0.32.2)
    SharpZipLib (1.4.1)
    Snappier (1.0)
    System.Buffers (4.5.1)
    System.Collections.Immutable (7.0)
    System.ComponentModel.Annotations (5.0)
    System.Configuration.ConfigurationManager (7.0)
      System.Diagnostics.EventLog (>= 7.0)
      System.Security.Cryptography.ProtectedData (>= 7.0)
      System.Security.Permissions (>= 7.0)
    System.Diagnostics.DiagnosticSource (7.0)
    System.Diagnostics.EventLog (7.0)
    System.Drawing.Common (7.0)
      Microsoft.Win32.SystemEvents (>= 7.0)
    System.Formats.Asn1 (7.0)
    System.IdentityModel.Tokens.Jwt (6.25.1)
      Microsoft.IdentityModel.JsonWebTokens (>= 6.25.1)
      Microsoft.IdentityModel.Tokens (>= 6.25.1)
    System.IO.Pipelines (7.0)
    System.Linq.Async (6.0.1)
      Microsoft.Bcl.AsyncInterfaces (>= 6.0)
    System.Memory (4.5.5)
    System.Net.Http.Json (7.0)
      System.Text.Json (>= 7.0)
    System.Reflection.Emit (4.7)
    System.Reflection.Emit.Lightweight (4.7)
    System.Reflection.Metadata (7.0)
      System.Collections.Immutable (>= 7.0)
    System.Runtime (4.3.1)
      Microsoft.NETCore.Platforms (>= 1.1.1)
      Microsoft.NETCore.Targets (>= 1.1.3)
    System.Runtime.CompilerServices.Unsafe (6.0)
    System.Security.AccessControl (6.0)
    System.Security.Cryptography.Cng (5.0)
      System.Formats.Asn1 (>= 5.0)
    System.Security.Cryptography.ProtectedData (7.0)
    System.Security.Permissions (7.0)
      System.Windows.Extensions (>= 7.0)
    System.Security.Principal.Windows (5.0)
    System.Text.Encoding (4.3)
      Microsoft.NETCore.Platforms (>= 1.1)
      Microsoft.NETCore.Targets (>= 1.1)
      System.Runtime (>= 4.3)
    System.Text.Encoding.CodePages (7.0)
    System.Text.Encodings.Web (7.0)
    System.Text.Json (7.0)
      System.Text.Encodings.Web (>= 7.0)
    System.Threading.Tasks.Extensions (4.5.4)
    System.ValueTuple (4.5)
    System.Windows.Extensions (7.0)
      System.Drawing.Common (>= 7.0)
    Testcontainers (2.3.0-beta.3547636764)
      Docker.DotNet (>= 3.125.12)
      Docker.DotNet.X509 (>= 3.125.12)
      Microsoft.Extensions.Logging.Abstractions (>= 3.1.26)
      Portable.BouncyCastle (>= 1.9)
      SharpZipLib (>= 1.4.1)
      System.Text.Json (>= 4.7.2)
    Utf8Json (1.3.7)
      System.Reflection.Emit (>= 4.3)
      System.Reflection.Emit.Lightweight (>= 4.3)
      System.Threading.Tasks.Extensions (>= 4.4)
      System.ValueTuple (>= 4.4)
    Yarp.ReverseProxy (1.1.1)
    ZstdSharp.Port (0.6.6)
